GIT
  remote: git://github.com/sinatra/sinatra.git
  revision: 5b9d3dae7efa0bed46099e311ad9f736c8d087e8
  specs:
    sinatra (1.3.0)
      rack (~> 1.3)
      tilt (~> 1.3)

GEM
  remote: http://rubygems.org/
  specs:
    bluecloth (2.1.0)
    daemon-spawn (0.4.2)
    daemons (1.1.4)
    eventmachine (0.12.10)
    haml (3.1.2)
    rack (1.3.2)
    sass (3.1.5)
    sqlite3 (1.3.4)
    thin (1.2.11)
      daemons (>= 1.0.9)
      eventmachine (>= 0.12.6)
      rack (>= 1.0.0)
    tilt (1.3.2)

PLATFORMS
  ruby

DEPENDENCIES
  bluecloth
  daemon-spawn
  haml
  sass
  sinatra!
  sqlite3
  thin
